GEM
  remote: https://rubygems.org/
  specs:
    dotenv (2.5.0)
    faraday (0.12.0.1)
      multipart-post (>= 1.2, < 3)
    json (2.0.3)
    jwt (1.5.6)
    multipart-post (2.0.0)
    notifications-ruby-client (2.7.0)
      jwt (>= 1.5, < 3)

PLATFORMS
  ruby

DEPENDENCIES
  dotenv
  faraday
  json
  jwt
  notifications-ruby-client

RUBY VERSION
   ruby 2.4.0p0

BUNDLED WITH
   1.16.0
