GEM
  remote: https://rubygems.org/
  specs:
    coderay (1.1.2)
    dotenv (2.5.0)
    faraday (0.12.0.1)
      multipart-post (>= 1.2, < 3)
    json (2.0.3)
    jwt (1.5.6)
    method_source (0.9.0)
    multipart-post (2.0.0)
    notifications-ruby-client (2.7.0)
      jwt (>= 1.5, < 3)
    pry (0.11.3)
      coderay (~> 1.1.0)
      method_source (~> 0.9.0)

PLATFORMS
  ruby

DEPENDENCIES
  dotenv
  faraday
  json
  jwt
  notifications-ruby-client
  pry

RUBY VERSION
   ruby 2.4.0p0

BUNDLED WITH
   1.16.1
